GEM
  remote: https://rubygems.org/
  specs:
    addressable (2.5.2)
      public_suffix (>= 2.0.2, < 4.0)
    connection_pool (2.2.2)
    domain_name (0.5.20180417)
      unf (>= 0.0.5, < 1.0.0)
    git-trend (1.1.8)
      addressable (~> 2.5.1)
      mb_string (~> 0.1.8)
      mechanize (~> 2.7.5)
      thor (~> 0.19.4)
      unicode-display_width (~> 1.3.0)
    http-cookie (1.0.3)
      domain_name (~> 0.5)
    mb_string (0.1.8)
      unicode-display_width (~> 1.3.0)
    mechanize (2.7.6)
      domain_name (~> 0.5, >= 0.5.1)
      http-cookie (~> 1.0)
      mime-types (>= 1.17.2)
      net-http-digest_auth (~> 1.1, >= 1.1.1)
      net-http-persistent (>= 2.5.2)
      nokogiri (~> 1.6)
      ntlm-http (~> 0.1, >= 0.1.1)
      webrobots (>= 0.0.9, < 0.2)
    mime-types (3.2.2)
      mime-types-data (~> 3.2015)
    mime-types-data (3.2018.0812)
    mini_portile2 (2.4.0)
    mustermann (1.0.3)
    net-http-digest_auth (1.4.1)
    net-http-persistent (3.0.0)
      connection_pool (~> 2.2)
    nokogiri (1.10.1)
      mini_portile2 (~> 2.4.0)
    ntlm-http (0.1.1)
    public_suffix (3.0.3)
    rack (2.0.6)
    rack-protection (2.0.5)
      rack
    sinatra (2.0.5)
      mustermann (~> 1.0)
      rack (~> 2.0)
      rack-protection (= 2.0.5)
      tilt (~> 2.0)
    thor (0.19.4)
    tilt (2.0.9)
    unf (0.1.4)
      unf_ext
    unf_ext (0.0.7.5)
    unicode-display_width (1.3.3)
    webrobots (0.1.2)

PLATFORMS
  ruby

DEPENDENCIES
  git-trend
  sinatra

BUNDLED WITH
   1.17.1
